GIT
  remote: git://github.com/jpawlyn/rack-proxy.git
  revision: 1ae93d1489f092403b168c68d24f2306ea1e6ebc
  specs:
    rack-proxy (0.3.7)
      rack

GEM
  remote: https://rubygems.org/
  specs:
    daemons (1.1.9)
    eventmachine (1.0.0)
    json (1.7.6)
    puma (1.6.3)
      rack (~> 1.2)
    rack (1.4.3)
    thin (1.3.1)
      daemons (>= 1.0.9)
      eventmachine (>= 0.12.6)
      rack (>= 1.0.0)

PLATFORMS
  ruby

DEPENDENCIES
  json
  puma
  rack-proxy!
  thin
